GEM
  remote: https://rubygems.org/
  specs:
    ansi (1.5.0)
    brakeman (3.4.1)
    builder (3.2.2)
    coderay (1.1.1)
    method_source (0.8.2)
    minitest (5.10.1)
    minitest-reporters (1.1.13)
      ansi
      builder
      minitest (>= 5.0)
      ruby-progressbar
    pry (0.10.4)
      coderay (~> 1.1.0)
      method_source (~> 0.8.1)
      slop (~> 3.4)
    rake (12.0.0)
    ruby-progressbar (1.8.1)
    slop (3.6.0)

PLATFORMS
  ruby

DEPENDENCIES
  brakeman
  minitest
  minitest-reporters
  pry
  rake

BUNDLED WITH
   1.13.6
