GEM
  remote: https://rubygems.org/
  specs:
    ansi (1.5.0)
    brakeman (3.0.5)
      erubis (~> 2.6)
      fastercsv (~> 1.5)
      haml (>= 3.0, < 5.0)
      highline (~> 1.6.20)
      multi_json (~> 1.2)
      ruby2ruby (~> 2.1.1)
      ruby_parser (~> 3.7.0)
      sass (~> 3.0)
      terminal-table (~> 1.4)
    builder (3.2.2)
    coderay (1.1.0)
    erubis (2.7.0)
    fastercsv (1.5.5)
    haml (4.0.7)
      tilt
    highline (1.6.21)
    method_source (0.8.2)
    minitest (5.8.0)
    minitest-reporters (1.0.20)
      ansi
      builder
      minitest (>= 5.0)
      ruby-progressbar
    multi_json (1.11.2)
    pry (0.10.1)
      coderay (~> 1.1.0)
      method_source (~> 0.8.1)
      slop (~> 3.4)
    rake (10.4.2)
    ruby-progressbar (1.7.5)
    ruby2ruby (2.1.4)
      ruby_parser (~> 3.1)
      sexp_processor (~> 4.0)
    ruby_parser (3.7.1)
      sexp_processor (~> 4.1)
    sass (3.4.18)
    sexp_processor (4.6.0)
    slop (3.6.0)
    terminal-table (1.5.2)
    tilt (2.0.1)

PLATFORMS
  ruby

DEPENDENCIES
  brakeman
  minitest
  minitest-reporters
  pry
  rake

BUNDLED WITH
   1.10.6
